GEM
  remote: https://rubygems.org/
  specs:
    allure-rspec (2.15.0)
      allure-ruby-commons (= 2.15.0)
      rspec-core (>= 3.8, < 4)
    allure-ruby-commons (2.15.0)
      mime-types (>= 3.3, < 4)
      oj (>= 3.10, < 4)
      require_all (>= 2, < 4)
      uuid (>= 2.3, < 3)
    appium_lib_core (7.0.0)
      faye-websocket (~> 0.11.0)
      selenium-webdriver (~> 4.2, < 4.11)
    concurrent-ruby (1.2.2)
    diff-lcs (1.5.0)
    eventmachine (1.2.7)
    eventmachine (1.2.7-x86-mingw32)
    faker (2.18.0)
      i18n (>= 1.6, < 2)
    faye-websocket (0.11.3)
      eventmachine (>= 0.12.0)
      websocket-driver (>= 0.5.1)
    httparty (0.18.1)
      mime-types (~> 3.0)
      multi_xml (>= 0.5.2)
    i18n (1.14.1)
      concurrent-ruby (~> 1.0)
    macaddr (1.7.2)
      systemu (~> 2.6.5)
    mime-types (3.5.0)
      mime-types-data (~> 3.2015)
    mime-types-data (3.2023.0808)
    multi_xml (0.6.0)
    oj (3.15.1)
    require_all (3.0.0)
    rexml (3.2.6)
    rspec (3.12.0)
      rspec-core (~> 3.12.0)
      rspec-expectations (~> 3.12.0)
      rspec-mocks (~> 3.12.0)
    rspec-core (3.12.2)
      rspec-support (~> 3.12.0)
    rspec-expectations (3.12.3)
      diff-lcs (>= 1.2.0, < 2.0)
      rspec-support (~> 3.12.0)
    rspec-mocks (3.12.6)
      diff-lcs (>= 1.2.0, < 2.0)
      rspec-support (~> 3.12.0)
    rspec-support (3.12.1)
    rubyzip (2.3.2)
    selenium-webdriver (4.10.0)
      rexml (~> 3.2, >= 3.2.5)
      rubyzip (>= 1.2.2, < 3.0)
      websocket (~> 1.0)
    systemu (2.6.5)
    uuid (2.3.9)
      macaddr (~> 1.0)
    websocket (1.2.9)
    websocket-driver (0.7.6)
      websocket-extensions (>= 0.1.0)
    websocket-extensions (0.1.5)

PLATFORMS
  ruby
  x86-mingw32

DEPENDENCIES
  allure-rspec (~> 2.15.0)
  appium_lib_core (~> 7.0)
  faker (~> 2.18.0)
  httparty (~> 0.18.1)
  rspec (~> 3.10)

BUNDLED WITH
   1.16.1
